PATH
  remote: .
  specs:
    gctime (0.2.0)

GEM
  remote: https://rubygems.org/
  specs:
    minitest (5.14.4)
    rake (13.0.6)

PLATFORMS
  ruby
  x86_64-darwin-20

DEPENDENCIES
  gctime!
  minitest (~> 5.0)
  rake (~> 13.0)

BUNDLED WITH
   2.2.25
